GEM
  remote: https://rubygems.org/
  specs:
    metaclass (0.0.1)
    minitest (3.2.0)
    minitest-matchers (1.2.0)
      minitest (>= 2.5.0)
    mocha (0.12.4)
      metaclass (~> 0.0.1)

PLATFORMS
  ruby

DEPENDENCIES
  minitest (~> 3.2.0)
  minitest-matchers (~> 1.2.0)
  mocha
