GEM
  remote: https://rubygems.org/
  specs:
    coderay (1.0.7)
    metaclass (0.0.1)
    method_source (0.8)
    minitest (3.2.0)
    minitest-matchers (1.2.0)
      minitest (>= 2.5.0)
    mocha (0.12.4)
      metaclass (~> 0.0.1)
    pry (0.9.10)
      coderay (~> 1.0.5)
      method_source (~> 0.8)
      slop (~> 3.3.1)
    slop (3.3.3)

PLATFORMS
  ruby

DEPENDENCIES
  minitest (~> 3.2.0)
  minitest-matchers (~> 1.2.0)
  mocha
  pry
